GEM
  remote: https://rubygems.org/
  specs:
    puma (3.9.1)

PLATFORMS
  ruby

DEPENDENCIES
  puma

BUNDLED WITH
   1.15.3
